GEM
  remote: http://rubygems.org/
  specs:
    bson (1.3.1)
    diff-lcs (1.1.2)
    mechanize (2.0.1)
      net-http-digest_auth (~> 1.1, >= 1.1.1)
      net-http-persistent (~> 1.8)
      nokogiri (~> 1.4)
      webrobots (~> 0.0, >= 0.0.9)
    mongo (1.3.1)
      bson (>= 1.3.1)
    net-http-digest_auth (1.1.1)
    net-http-persistent (1.8)
    nokogiri (1.5.0)
    rspec (2.6.0)
      rspec-core (~> 2.6.0)
      rspec-expectations (~> 2.6.0)
      rspec-mocks (~> 2.6.0)
    rspec-core (2.6.4)
    rspec-expectations (2.6.0)
      diff-lcs (~> 1.1.2)
    rspec-mocks (2.6.0)
    webrobots (0.0.10)
      nokogiri (>= 1.4.4)

PLATFORMS
  ruby

DEPENDENCIES
  mechanize
  mongo
  rspec
